GEM
  remote: https://rubygems.org/
  specs:
    activemodel (5.0.0)
      activesupport (= 5.0.0)
    activerecord (5.0.0)
      activemodel (= 5.0.0)
      activesupport (= 5.0.0)
      arel (~> 7.0)
    activesupport (5.0.0)
      concurrent-ruby (~> 1.0, >= 1.0.2)
      i18n (~> 0.7)
      minitest (~> 5.1)
      tzinfo (~> 1.1)
    archive-zip (0.8.0)
      io-like (~> 0.3.0)
    arel (7.0.0)
    concurrent-ruby (1.0.2)
    googlecharts (1.6.8)
    i18n (0.7.0)
    ibm_db (3.0.4)
      activerecord (>= 4.2.0)
    ibm_db (3.0.4-x86-mingw32)
      activerecord (>= 4.2.0)
      archive-zip (>= 0.7.0)
    io-like (0.3.0)
    minitest (5.9.0)
    rack (1.6.4)
    rack-protection (1.5.3)
      rack
    sinatra (1.4.7)
      rack (~> 1.5)
      rack-protection (~> 1.4)
      tilt (>= 1.3, < 3)
    thread_safe (0.3.5)
    tilt (2.0.5)
    tzinfo (1.2.2)
      thread_safe (~> 0.1)

PLATFORMS
  ruby
  x86-mingw32

DEPENDENCIES
  googlecharts (= 1.6.8)
  ibm_db (= 3.0.4)
  rack
  sinatra

RUBY VERSION
   ruby 2.2.3p173

BUNDLED WITH
   1.12.5
